PATH
  remote: .
  specs:
    json-bloomfilter (0.0.2)

GEM
  remote: http://rubygems.org/
  specs:
    POpen4 (0.1.4)
      Platform (>= 0.4.0)
      open4
    Platform (0.4.0)
    coffee-script (2.2.0)
      coffee-script-source
      execjs
    coffee-script-source (1.4.0)
    diff-lcs (1.1.3)
    execjs (1.4.0)
      multi_json (~> 1.0)
    fssm (0.2.9)
    libv8 (3.11.8.13)
    multi_json (1.5.0)
    open4 (1.3.0)
    rake (10.0.3)
    rb-fsevent (0.9.3)
    ref (1.0.2)
    rspec (2.12.0)
      rspec-core (~> 2.12.0)
      rspec-expectations (~> 2.12.0)
      rspec-mocks (~> 2.12.0)
    rspec-core (2.12.2)
    rspec-expectations (2.12.1)
      diff-lcs (~> 1.1.3)
    rspec-mocks (2.12.1)
    therubyracer (0.11.3)
      libv8 (~> 3.11.8.12)
      ref
    yui-compressor (0.9.6)
      POpen4 (>= 0.1.4)

PLATFORMS
  ruby

DEPENDENCIES
  coffee-script
  fssm
  json-bloomfilter!
  rake
  rb-fsevent
  rspec
  therubyracer
  yui-compressor
