GIT
  remote: git://github.com/cbetta/bitarray.git
  revision: 20a17ad4afc884a7062245d3176ca32c55862f75
  branch: expose_field
  specs:
    bitarray (0.0.1)

PATH
  remote: .
  specs:
    json-bloomfilter (0.0.1)

GEM
  remote: http://rubygems.org/
  specs:
    diff-lcs (1.1.3)
    rake (10.0.3)
    rspec (2.12.0)
      rspec-core (~> 2.12.0)
      rspec-expectations (~> 2.12.0)
      rspec-mocks (~> 2.12.0)
    rspec-core (2.12.2)
    rspec-expectations (2.12.1)
      diff-lcs (~> 1.1.3)
    rspec-mocks (2.12.1)

PLATFORMS
  ruby

DEPENDENCIES
  bitarray!
  json-bloomfilter!
  rake
  rspec
